PATH
  remote: .
  specs:
    mr_github (0.0.1)
      dotenv
      ghee
      thor

GEM
  remote: https://rubygems.org/
  specs:
    coderay (1.0.9)
    dotenv (0.5.0)
    faraday (0.8.6)
      multipart-post (~> 1.1)
    faraday_middleware (0.9.0)
      faraday (>= 0.7.4, < 0.9)
    ghee (0.9.8)
      faraday (~> 0.8)
      faraday_middleware (~> 0.9)
      hashie (~> 1.2)
      multi_json (~> 1.3)
    hashie (1.2.0)
    method_source (0.8.1)
    multi_json (1.7.2)
    multipart-post (1.2.0)
    pry (0.9.12)
      coderay (~> 1.0.5)
      method_source (~> 0.8)
      slop (~> 3.4)
    slop (3.4.3)
    thor (0.18.1)

PLATFORMS
  ruby

DEPENDENCIES
  mr_github!
  pry
